GEM
  remote: https://rubygems.org/
  specs:
    b2-client (1.0.7)

PLATFORMS
  ruby

DEPENDENCIES
  b2-client (~> 1.0)

BUNDLED WITH
   1.17.2
